NUGET
  remote: https://www.nuget.org/api/v2
  specs:
    CsQuery (1.3.4)
    DotLiquid (1.8.0)
    FAKE (4.9.3)
    FSharp.Compiler.Service (1.4.0.6)
    FSharp.Core (4.0.0.1)
    FSharp.Data (2.2.5)
      Zlib.Portable (>= 1.10.0) - framework: portable-net40+sl50+wp80+win80
    FSharp.Formatting (2.12.0)
      FSharp.Compiler.Service (1.4.0.6)
      FSharpVSPowerTools.Core (2.1.0)
    FSharp.RDF (1.1.97)
    FSharpVSPowerTools.Core (2.1.0)
      FSharp.Compiler.Service (>= 1.4.0.6)
    Fuchu (1.0.1)
      FSharp.Core (>= 3.1.2.1)
    Microsoft.Bcl (1.1.10)
      Microsoft.Bcl.Build (>= 1.0.14)
    Microsoft.Bcl.Build (1.0.21) - import_targets: false
    Microsoft.Net.Http (2.2.29)
      Microsoft.Bcl (>= 1.1.10)
      Microsoft.Bcl.Build (>= 1.0.14)
    Octokit (0.16.0)
      Microsoft.Net.Http
    SourceLink.Fake (1.1.0)
    Suave (0.33.0)
      FSharp.Core (>= 3.1.2.5)
    Suave.DotLiquid (0.33.0)
      DotLiquid (>= 1.8.0)
      FSharp.Core (>= 3.1.2.5)
      Suave (>= 0.33.0)
    Suave.Testing (0.33.0)
      FSharp.Core (>= 3.1.2.5)
      Fuchu (>= 0.6.0)
      Suave (>= 0.33.0)
    Unquote (3.1.0)
    Zlib.Portable (1.11.0) - framework: portable-net40+sl50+wp80+win80
GITHUB
  remote: fsharp/FAKE
  specs:
    modules/Octokit/Octokit.fsx (a5883c6709279102b6dc4a3e273c17ff7ebff887)
      Octokit