NUGET
  remote: https://www.nuget.org/api/v2
  specs:
    CsQuery (1.3.4)
    DotLiquid (1.8)
    FAKE (4.9.3)
    FSharp.Compiler.Service (1.4.0.6)
    FSharp.Core (4.0.0.1)
    FSharp.Data (2.2.5)
      Zlib.Portable (>= 1.10) - framework: portable-net40+sl50+wp80+win80
    FSharp.Formatting (2.12)
      FSharp.Compiler.Service (1.4.0.6)
      FSharpVSPowerTools.Core (2.1)
    FSharp.RDF (1.1.97)
    FSharpVSPowerTools.Core (2.1)
      FSharp.Compiler.Service (>= 1.4.0.6)
    Fuchu (1.0.3)
      FSharp.Core (>= 3.1.2.1)
    Microsoft.Bcl (1.1.10) - framework: net10, net11, net20, net30, net35, net40, net40-full
      Microsoft.Bcl.Build (>= 1.0.14)
    Microsoft.Bcl.Build (1.0.21) - import_targets: false, framework: net10, net11, net20, net30, net35, net40, net40-full
    Microsoft.Net.Http (2.2.29) - framework: net10, net11, net20, net30, net35, net40, net40-full
      Microsoft.Bcl (>= 1.1.10)
      Microsoft.Bcl.Build (>= 1.0.14)
    NUnit (2.6.4)
    NUnit.Runners (2.6.4)
    Octokit (0.18)
      Microsoft.Net.Http  - framework: net10, net11, net20, net30, net35, net40, net40-full
    SourceLink.Fake (1.1)
    Suave (1.1.1)
      FSharp.Core (>= 3.1.2.5)
    Suave.DotLiquid (1.1.1)
      DotLiquid (>= 1.8)
      FSharp.Core (>= 3.1.2.5)
      Suave (>= 1.1.1)
    Suave.Testing (1.1.1)
      FSharp.Core (>= 3.1.2.5)
      Fuchu (>= 1.0.2)
      Suave (>= 1.1.1)
    Unquote (3.1)
    Zlib.Portable (1.11) - framework: portable-net40+sl50+wp80+win80
GITHUB
  remote: fsharp/FAKE
  specs:
    modules/Octokit/Octokit.fsx (f2214d09beebe85710527900d46f42d1f2ca77b0)
      Octokit